PATH
  remote: .
  specs:
    mynatra (0.1.0)
      thor

GEM
  remote: https://rubygems.org/
  specs:
    rake (13.0.3)
    thor (1.1.0)

PLATFORMS
  x86_64-darwin-20

DEPENDENCIES
  mynatra!
  rake (~> 13.0)

BUNDLED WITH
   2.2.15
